PATH
  remote: .
  specs:
    tfclient (1.0.0)
      json

GEM
  remote: https://rubygems.org/
  specs:
    awesome_print (1.8.0)
    coderay (1.1.3)
    diff-lcs (1.4.4)
    ffi (1.13.1)
    formatador (0.2.5)
    guard (2.16.2)
      formatador (>= 0.2.4)
      listen (>= 2.7, < 4.0)
      lumberjack (>= 1.0.12, < 2.0)
      nenv (~> 0.1)
      notiffany (~> 0.0)
      pry (>= 0.9.12)
      shellany (~> 0.0)
      thor (>= 0.18.1)
    guard-bundler (2.2.1)
      bundler (>= 1.3.0, < 3)
      guard (~> 2.2)
      guard-compat (~> 1.1)
    guard-compat (1.2.1)
    guard-rspec (4.7.3)
      guard (~> 2.1)
      guard-compat (~> 1.1)
      rspec (>= 2.99.0, < 4.0)
    io-console (0.5.6)
    irb (1.2.7)
      reline (>= 0.1.5)
    json (2.3.1)
    listen (3.3.3)
      rb-fsevent (~> 0.10, >= 0.10.3)
      rb-inotify (~> 0.9, >= 0.9.10)
    lumberjack (1.2.8)
    method_source (1.0.0)
    nenv (0.3.0)
    notiffany (0.1.3)
      nenv (~> 0.1)
      shellany (~> 0.0)
    pry (0.13.1)
      coderay (~> 1.1)
      method_source (~> 1.0)
    rake (13.0.1)
    rb-fsevent (0.10.4)
    rb-inotify (0.10.1)
      ffi (~> 1.0)
    reline (0.1.9)
      io-console (~> 0.5)
    rspec (3.10.0)
      rspec-core (~> 3.10.0)
      rspec-expectations (~> 3.10.0)
      rspec-mocks (~> 3.10.0)
    rspec-core (3.10.0)
      rspec-support (~> 3.10.0)
    rspec-expectations (3.10.0)
      diff-lcs (>= 1.2.0, < 2.0)
      rspec-support (~> 3.10.0)
    rspec-mocks (3.10.0)
      diff-lcs (>= 1.2.0, < 2.0)
      rspec-support (~> 3.10.0)
    rspec-support (3.10.0)
    shellany (0.0.1)
    stub_env (1.0.4)
      rspec (>= 2.0, < 4.0)
    terminal-notifier (2.0.0)
    terminal-notifier-guard (1.7.0)
    thor (1.0.1)

PLATFORMS
  ruby

DEPENDENCIES
  awesome_print (~> 1.8)
  bundler (~> 2.1)
  guard-bundler (~> 2.0)
  guard-rspec (~> 4.0)
  irb (~> 1.2)
  pry (~> 0.13)
  rake (~> 13.0)
  rspec (~> 3.10)
  stub_env (>= 1.0.4, < 2.0)
  terminal-notifier (~> 2.0)
  terminal-notifier-guard (~> 1.0)
  tfclient!

BUNDLED WITH
   2.1.4
